GEM
  remote: http://rubygems.org/
  specs:
    RubyInline (3.8.6)
      ZenTest (~> 4.3)
    ZenTest (4.4.2)
    abstract (1.0.0)
    actionmailer (3.0.0)
      actionpack (= 3.0.0)
      mail (~> 2.2.5)
    actionpack (3.0.0)
      activemodel (= 3.0.0)
      activesupport (= 3.0.0)
      builder (~> 2.1.2)
      erubis (~> 2.6.6)
      i18n (~> 0.4.1)
      rack (~> 1.2.1)
      rack-mount (~> 0.6.12)
      rack-test (~> 0.5.4)
      tzinfo (~> 0.3.23)
    activemodel (3.0.0)
      activesupport (= 3.0.0)
      builder (~> 2.1.2)
      i18n (~> 0.4.1)
    activerecord (3.0.0)
      activemodel (= 3.0.0)
      activesupport (= 3.0.0)
      arel (~> 1.0.0)
      tzinfo (~> 0.3.23)
    activeresource (3.0.0)
      activemodel (= 3.0.0)
      activesupport (= 3.0.0)
    activesupport (3.0.0)
    arel (1.0.1)
      activesupport (~> 3.0.0)
    builder (2.1.2)
    color (1.4.1)
    diff-lcs (1.1.2)
    erubis (2.6.6)
      abstract (>= 1.0.0)
    hoe (2.8.0)
      rake (>= 0.8.7)
    hpricot (0.8.3)
    i18n (0.4.1)
    mail (2.2.6.1)
      activesupport (>= 2.3.6)
      mime-types
      treetop (>= 1.4.5)
    mechanize (1.0.0)
      nokogiri (>= 1.2.1)
    mime-types (1.16)
    minitar (0.5.3)
    ninajansen-cloud (0.0.9)
      RubyInline (>= 3.8.1)
      diff-lcs (>= 1.1.2)
      hpricot (>= 0.8.1)
      mime-types (>= 1.15)
      pdf-writer (>= 1.1.8)
    nokogiri (1.4.4)
    pdf-writer (1.1.8)
      color (>= 1.4.0)
      transaction-simple (~> 1.3)
    polyglot (0.3.1)
    rack (1.2.1)
    rack-mount (0.6.13)
      rack (>= 1.0.0)
    rack-test (0.5.6)
      rack (>= 1.0)
    rails (3.0.0)
      actionmailer (= 3.0.0)
      actionpack (= 3.0.0)
      activerecord (= 3.0.0)
      activeresource (= 3.0.0)
      activesupport (= 3.0.0)
      bundler (~> 1.0.0)
      railties (= 3.0.0)
    railties (3.0.0)
      actionpack (= 3.0.0)
      activesupport (= 3.0.0)
      rake (>= 0.8.4)
      thor (~> 0.14.0)
    rake (0.8.7)
    sqlite3-ruby (1.3.1)
    thor (0.14.3)
    transaction-simple (1.4.0)
      hoe (>= 1.1.7)
    treetop (1.4.8)
      polyglot (>= 0.3.1)
    tzinfo (0.3.23)
    zip (2.0.2)

PLATFORMS
  ruby

DEPENDENCIES
  RubyInline
  mechanize
  minitar
  ninajansen-cloud
  nokogiri
  pdf-writer
  rails (= 3.0.0)
  sqlite3-ruby
  zip
